GEM
  remote: https://gems.ruby-china.org/
  specs:
    mini_portile2 (2.1.0)
    nokogiri (1.6.8.1)
      mini_portile2 (~> 2.1.0)
    pg (0.17.1)
    rubyXL (3.3.22)
      nokogiri (>= 1.4.4)
      rubyzip (>= 1.1.6)
    rubyzip (1.2.0)

PLATFORMS
  ruby

DEPENDENCIES
  pg (= 0.17.1)
  rubyXL (~> 3.3, >= 3.3.22)

BUNDLED WITH
   1.11.2
